GEM
  remote: https://rubygems.org/
  specs:
    dotenv (2.7.6)
    mqtt (0.5.0)

PLATFORMS
  x86_64-darwin-20

DEPENDENCIES
  dotenv
  mqtt

BUNDLED WITH
   2.2.18
